GEM
  remote: https://rubygems.org/
  specs:
    addressable (2.3.8)
    claide (1.0.0)
    colored (1.2)
    commander (4.4.0)
      highline (~> 1.7.2)
    credentials_manager (0.16.1)
      colored
      commander (>= 4.3.5)
      highline (>= 1.7.1)
      security
    domain_name (0.5.20160826)
      unf (>= 0.0.5, < 1.0.0)
    erubis (2.7.0)
    faraday (0.9.2)
      multipart-post (>= 1.2, < 3)
    faraday-cookie_jar (0.0.6)
      faraday (>= 0.7.4)
      http-cookie (~> 1.0.0)
    faraday_middleware (0.10.0)
      faraday (>= 0.7.4, < 0.10)
    fastimage (1.9.0)
      addressable (~> 2.3.5)
    highline (1.7.8)
    http-cookie (1.0.2)
      domain_name (~> 0.5)
    multi_xml (0.5.5)
    multipart-post (2.0.0)
    plist (3.2.0)
    security (0.1.3)
    spaceship (0.34.1)
      colored
      credentials_manager (>= 0.16.0)
      faraday (~> 0.9)
      faraday-cookie_jar (~> 0.0.6)
      faraday_middleware (~> 0.9)
      fastimage (~> 1.6)
      multi_xml (~> 0.5)
      plist (~> 3.1)
    thor (0.19.1)
    tmuxinator (0.8.1)
      erubis (~> 2.6)
      thor (~> 0.19, >= 0.15.0)
    unf (0.1.4)
      unf_ext
    unf_ext (0.0.7.2)
    xcode-install (2.0.7)
      claide (>= 0.9.1, < 1.1.0)
      spaceship (>= 0.25.1, < 1.0.0)

PLATFORMS
  ruby

DEPENDENCIES
  tmuxinator
  xcode-install

BUNDLED WITH
   1.13.1
